GEM
  remote: http://rubygems.org/
  specs:
    diff-lcs (1.1.3)
    fakeweb (1.3.0)
    ffi (1.0.11)
    guard (1.0.0)
      ffi (>= 0.5.0)
      thor (~> 0.14.6)
    guard-rspec (0.6.0)
      guard (>= 0.10.0)
    hpricot (0.8.6)
    imdb (0.6.8)
      hpricot (~> 0.8.4)
    libnotify (0.7.2)
    nokogiri (1.5.0)
    rb-inotify (0.8.8)
      ffi (>= 0.5.0)
    rspec (2.8.0)
      rspec-core (~> 2.8.0)
      rspec-expectations (~> 2.8.0)
      rspec-mocks (~> 2.8.0)
    rspec-core (2.8.0)
    rspec-expectations (2.8.0)
      diff-lcs (~> 1.1.2)
    rspec-mocks (2.8.0)
    thor (0.14.6)
    vcr (1.11.3)

PLATFORMS
  ruby

DEPENDENCIES
  fakeweb
  guard-rspec
  imdb
  libnotify
  nokogiri
  rb-inotify
  rspec (>= 2)
  vcr
